GEM
  remote: http://rubygems.org/
  specs:
    actionmailer (2.3.5)
      actionpack (= 2.3.5)
    actionpack (2.3.5)
      activesupport (= 2.3.5)
      rack (~> 1.0.0)
    activerecord (2.3.5)
      activesupport (= 2.3.5)
    activeresource (2.3.5)
      activesupport (= 2.3.5)
    activesupport (2.3.5)
    bcrypt-ruby (3.0.1)
    daemon_controller (1.1.5)
    devise (1.5.4)
      bcrypt-ruby (~> 3.0)
      orm_adapter (~> 0.0.3)
      warden (~> 1.1)
    domain_name (0.5.11)
      unf (>= 0.0.5, < 1.0.0)
    fastercsv (1.5.5)
    json (1.5.0)
    mime-types (1.23)
    mysql (2.9.1)
    mysql2 (0.2.18)
    orm_adapter (0.0.7)
    passenger (4.0.2)
      daemon_controller (>= 1.1.0)
      rack
      rake (>= 0.8.1)
    rack (1.0.1)
    rails (2.3.5)
      actionmailer (= 2.3.5)
      actionpack (= 2.3.5)
      activerecord (= 2.3.5)
      activeresource (= 2.3.5)
      activesupport (= 2.3.5)
      rake (>= 0.8.3)
    rake (0.8.7)
    rest-client (1.6.7)
      mime-types (>= 1.16)
    settingslogic (2.0.9)
    unf (0.1.1)
      unf_ext
    unf_ext (0.0.6)
    warden (1.2.1)
      rack (>= 1.0)

PLATFORMS
  ruby

DEPENDENCIES
  bcrypt-ruby (= 3.0.1)
  devise (= 1.5.4)
  domain_name (= 0.5.11)
  fastercsv (= 1.5.5)
  json (= 1.5.0)
  mime-types (= 1.23)
  mysql (= 2.9.1)
  mysql2 (= 0.2.18)
  orm_adapter (= 0.0.7)
  passenger (= 4.0.2)
  rails (= 2.3.5)
  rake (= 0.8.7)
  rest-client (= 1.6.7)
  settingslogic (= 2.0.9)
  unf (= 0.1.1)
  unf_ext (= 0.0.6)
  warden (= 1.2.1)
